GEM
  remote: http://rubygems.org/
  specs:
    ffi (1.0.11)
    guard (0.8.8)
      thor (~> 0.14.6)
    guard-shell (0.1.1)
      guard (>= 0.2.0)
    rb-fchange (0.0.5)
      ffi
    rb-fsevent (0.4.3.1)
    rb-inotify (0.8.8)
      ffi (>= 0.5.0)
    thor (0.14.6)

PLATFORMS
  ruby

DEPENDENCIES
  guard
  guard-shell
  rb-fchange
  rb-fsevent
  rb-inotify
